PATH
  remote: .
  specs:
    stresser (0.4.0)
      OptionParser
      gruff
      ruport
      trollop

GEM
  remote: http://rubygems.org/
  specs:
    OptionParser (0.5.1)
    color (1.4.1)
    diff-lcs (1.1.3)
    fastercsv (1.5.5)
    gruff (0.3.6)
    pdf-writer (1.1.8)
      color (>= 1.4.0)
      transaction-simple (~> 1.3)
    progressbar (0.11.0)
    rspec (2.11.0)
      rspec-core (~> 2.11.0)
      rspec-expectations (~> 2.11.0)
      rspec-mocks (~> 2.11.0)
    rspec-core (2.11.1)
    rspec-expectations (2.11.2)
      diff-lcs (~> 1.1.3)
    rspec-mocks (2.11.2)
    ruport (1.6.3)
      fastercsv
      pdf-writer (= 1.1.8)
    transaction-simple (1.4.0.2)
    trollop (2.0)

PLATFORMS
  ruby

DEPENDENCIES
  progressbar
  rspec
  stresser!
